GIT
  remote: https://github.com/opf/omniauth
  revision: fe862f986b2e846e291784d2caa3d90a658c67f0
  ref: fe862f986b2e846e291784d2caa3d90a658c67f0
  specs:
    omniauth (1.9.0)
      hashie (>= 3.4.6, < 3.7.0)
      rack (>= 1.6.2, < 3)

GIT
  remote: https://github.com/opf/openproject-translations.git
  revision: 6ce2c62dbfe751aee9fa212fb1768784c42dea81
  branch: dev
  specs:
    openproject-translations (7.4.0)
      crowdin-api (~> 0.6.0)
      mixlib-shellout (~> 2.1.0)
      rubyzip

GEM
  remote: https://rubygems.org/
  specs:
    actioncable (6.1.4.1)
      actionpack (= 6.1.4.1)
      activesupport (= 6.1.4.1)
      nio4r (~> 2.0)
      websocket-driver (>= 0.6.1)
    actionmailbox (6.1.4.1)
      actionpack (= 6.1.4.1)
      activejob (= 6.1.4.1)
      activerecord (= 6.1.4.1)
      activestorage (= 6.1.4.1)
      activesupport (= 6.1.4.1)
      mail (>= 2.7.1)
    actionmailer (6.1.4.1)
      actionpack (= 6.1.4.1)
      actionview (= 6.1.4.1)
      activejob (= 6.1.4.1)
      activesupport (= 6.1.4.1)
      mail (~> 2.5, >= 2.5.4)
      rails-dom-testing (~> 2.0)
    actionpack (6.1.4.1)
      actionview (= 6.1.4.1)
      activesupport (= 6.1.4.1)
      rack (~> 2.0, >= 2.0.9)
      rack-test (>= 0.6.3)
      rails-dom-testing (~> 2.0)
      rails-html-sanitizer (~> 1.0, >= 1.2.0)
    actionpack-xml_parser (2.0.1)
      actionpack (>= 5.0)
      railties (>= 5.0)
    actiontext (6.1.4.1)
      actionpack (= 6.1.4.1)
      activerecord (= 6.1.4.1)
      activestorage (= 6.1.4.1)
      activesupport (= 6.1.4.1)
      nokogiri (>= 1.8.5)
    actionview (6.1.4.1)
      activesupport (= 6.1.4.1)
      builder (~> 3.1)
      erubi (~> 1.4)
      rails-dom-testing (~> 2.0)
      rails-html-sanitizer (~> 1.1, >= 1.2.0)
    activejob (6.1.4.1)
      activesupport (= 6.1.4.1)
      globalid (>= 0.3.6)
    activemodel (6.1.4.1)
      activesupport (= 6.1.4.1)
    activemodel-serializers-xml (1.0.2)
      activemodel (> 5.x)
      activesupport (> 5.x)
      builder (~> 3.1)
    activerecord (6.1.4.1)
      activemodel (= 6.1.4.1)
      activesupport (= 6.1.4.1)
    activerecord-import (1.2.0)
      activerecord (>= 3.2)
    activerecord-nulldb-adapter (0.7.0)
      activerecord (>= 5.2.0, < 6.3)
    activerecord-session_store (2.0.0)
      actionpack (>= 5.2.4.1)
      activerecord (>= 5.2.4.1)
      multi_json (~> 1.11, >= 1.11.2)
      rack (>= 2.0.8, < 3)
      railties (>= 5.2.4.1)
    activestorage (6.1.4.1)
      actionpack (= 6.1.4.1)
      activejob (= 6.1.4.1)
      activerecord (= 6.1.4.1)
      activesupport (= 6.1.4.1)
      marcel (~> 1.0.0)
      mini_mime (>= 1.1.0)
    activesupport (6.1.4.1)
      concurrent-ruby (~> 1.0, >= 1.0.2)
      i18n (>= 1.6, < 2)
      minitest (>= 5.1)
      tzinfo (~> 2.0)
      zeitwerk (~> 2.3)
    acts_as_list (1.0.4)
      activerecord (>= 4.2)
    acts_as_tree (2.9.1)
      activerecord (>= 3.0.0)
    addressable (2.8.0)
      public_suffix (>= 2.0.2, < 5.0)
    airbrake (12.0.0)
      airbrake-ruby (~> 6.0)
    airbrake-ruby (6.0.0)
      rbtree3 (~> 0.5)
    ast (2.4.2)
    auto_strip_attributes (2.6.0)
      activerecord (>= 4.0)
    awesome_nested_set (3.4.0)
      activerecord (>= 4.0.0, < 7.0)
    aws-eventstream (1.2.0)
    aws-partitions (1.597.0)
    aws-sdk-core (3.131.1)
      aws-eventstream (~> 1, >= 1.0.2)
      aws-partitions (~> 1, >= 1.525.0)
      aws-sigv4 (~> 1.1)
      jmespath (~> 1, >= 1.6.1)
    aws-sdk-kms (1.57.0)
      aws-sdk-core (~> 3, >= 3.127.0)
      aws-sigv4 (~> 1.1)
    aws-sdk-s3 (1.114.0)
      aws-sdk-core (~> 3, >= 3.127.0)
      aws-sdk-kms (~> 1)
      aws-sigv4 (~> 1.4)
    aws-sigv4 (1.5.0)
      aws-eventstream (~> 1, >= 1.0.2)
    bcrypt (3.1.16)
    binding_of_caller (1.0.0)
      debug_inspector (>= 0.0.1)
    bootsnap (1.9.1)
      msgpack (~> 1.0)
    brakeman (5.1.1)
    browser (5.3.1)
    builder (3.2.4)
    byebug (11.1.3)
    capybara (3.35.3)
      addressable
      mini_mime (>= 0.1.3)
      nokogiri (~> 1.8)
      rack (>= 1.6.0)
      rack-test (>= 0.6.3)
      regexp_parser (>= 1.5, < 3.0)
      xpath (~> 3.2)
    capybara-screenshot (1.0.25)
      capybara (>= 1.0, < 4)
      launchy
    carrierwave (1.3.2)
      activemodel (>= 4.0.0)
      activesupport (>= 4.0.0)
      mime-types (>= 1.16)
      ssrf_filter (~> 1.0)
    carrierwave_direct (2.1.0)
      carrierwave (>= 1.0.0)
      fog-aws
    cells (4.1.7)
      declarative-builder (< 0.2.0)
      declarative-option (< 0.2.0)
      tilt (>= 1.4, < 3)
      uber (< 0.2.0)
    cells-erb (0.1.0)
      cells (~> 4.0)
      erbse (>= 0.1.1)
    cells-rails (0.0.9)
      actionpack (>= 3.0)
      cells (>= 4.1.6, < 5.0.0)
    childprocess (3.0.0)
    claide (1.0.3)
    claide-plugins (0.9.2)
      cork
      nap
      open4 (~> 1.3)
    coderay (1.1.3)
    colored2 (3.1.2)
    commonmarker (0.23.2)
    compare-xml (0.66)
      nokogiri (~> 1.8)
    concurrent-ruby (1.1.9)
    cookiejar (0.3.3)
    cork (0.3.0)
      colored2 (~> 3.1)
    crack (0.4.5)
      rexml
    crass (1.0.6)
    crowdin-api (0.6.0)
      rest-client (~> 2.0)
    daemons (1.4.1)
    dalli (2.7.11)
    danger (8.4.0)
      claide (~> 1.0)
      claide-plugins (>= 0.9.2)
      colored2 (~> 3.1)
      cork (~> 0.1)
      faraday (>= 0.9.0, < 2.0)
      faraday-http-cache (~> 2.0)
      git (~> 1.7)
      kramdown (~> 2.3)
      kramdown-parser-gfm (~> 1.0)
      no_proxy_fix
      octokit (~> 4.7)
      terminal-table (>= 1, < 4)
    danger-brakeman (0.0.2)
      brakeman
      danger-plugin-api (~> 1.0)
    danger-plugin-api (1.0.0)
      danger (> 2.0)
    database_cleaner (2.0.1)
      database_cleaner-active_record (~> 2.0.0)
    database_cleaner-active_record (2.0.1)
      activerecord (>= 5.a)
      database_cleaner-core (~> 2.0.0)
    database_cleaner-core (2.0.1)
    date_validator (0.12.0)
      activemodel (>= 3)
      activesupport (>= 3)
    debug_inspector (1.1.0)
    deckar01-task_list (2.3.2)
      html-pipeline
    declarative (0.0.20)
    declarative-builder (0.1.0)
      declarative-option (< 0.2.0)
    declarative-option (0.1.0)
    delayed_cron_job (0.8.0)
      delayed_job (>= 4.1)
      fugit (>= 1.5)
    delayed_job (4.1.9)
      activesupport (>= 3.0, < 6.2)
    delayed_job_active_record (4.1.6)
      activerecord (>= 3.0, < 6.2)
      delayed_job (>= 3.0, < 5)
    diff-lcs (1.4.4)
    disposable (0.4.7)
      declarative (>= 0.0.9, < 1.0.0)
      declarative-builder (< 0.2.0)
      declarative-option (< 0.2.0)
      representable (>= 2.4.0, <= 3.1.0)
      uber (< 0.2.0)
    domain_name (0.5.20190701)
      unf (>= 0.0.5, < 1.0.0)
    doorkeeper (5.5.3)
      railties (>= 5)
    dry-configurable (0.13.0)
      concurrent-ruby (~> 1.0)
      dry-core (~> 0.6)
    dry-container (0.9.0)
      concurrent-ruby (~> 1.0)
      dry-configurable (~> 0.13, >= 0.13.0)
    dry-core (0.7.1)
      concurrent-ruby (~> 1.0)
    dry-inflector (0.2.1)
    dry-logic (1.2.0)
      concurrent-ruby (~> 1.0)
      dry-core (~> 0.5, >= 0.5)
    dry-types (1.5.1)
      concurrent-ruby (~> 1.0)
      dry-container (~> 0.3)
      dry-core (~> 0.5, >= 0.5)
      dry-inflector (~> 0.1, >= 0.1.2)
      dry-logic (~> 1.0, >= 1.0.2)
    ecma-re-validator (0.3.0)
      regexp_parser (~> 2.0)
    em-http-request (1.1.7)
      addressable (>= 2.3.4)
      cookiejar (!= 0.3.1)
      em-socksify (>= 0.3)
      eventmachine (>= 1.0.3)
      http_parser.rb (>= 0.6.0)
    em-socksify (0.3.2)
      eventmachine (>= 1.0.0.beta.4)
    em-synchrony (1.0.6)
      eventmachine (>= 1.0.0.beta.1)
    email_validator (2.2.3)
      activemodel
    equivalent-xml (0.6.0)
      nokogiri (>= 1.4.3)
    erbse (0.1.4)
      temple
    erubi (1.10.0)
    escape_utils (1.2.1)
    et-orbi (1.2.5)
      tzinfo
    eventmachine (1.2.7)
    eventmachine_httpserver (0.2.1)
    excon (0.86.0)
    factory_bot (6.2.0)
      activesupport (>= 5.0.0)
    factory_bot_rails (6.2.0)
      factory_bot (~> 6.2.0)
      railties (>= 5.0.0)
    faker (2.19.0)
      i18n (>= 1.6, < 2)
    faraday (1.8.0)
      faraday-em_http (~> 1.0)
      faraday-em_synchrony (~> 1.0)
      faraday-excon (~> 1.1)
      faraday-httpclient (~> 1.0.1)
      faraday-net_http (~> 1.0)
      faraday-net_http_persistent (~> 1.1)
      faraday-patron (~> 1.0)
      faraday-rack (~> 1.0)
      multipart-post (>= 1.2, < 3)
      ruby2_keywords (>= 0.0.4)
    faraday-em_http (1.0.0)
    faraday-em_synchrony (1.0.0)
    faraday-excon (1.1.0)
    faraday-http-cache (2.2.0)
      faraday (>= 0.8)
    faraday-httpclient (1.0.1)
    faraday-net_http (1.0.1)
    faraday-net_http_persistent (1.2.0)
    faraday-patron (1.0.0)
    faraday-rack (1.0.0)
    ffi (1.15.4)
    flamegraph (0.9.5)
    fog-aws (3.12.0)
      fog-core (~> 2.1)
      fog-json (~> 1.1)
      fog-xml (~> 0.1)
      ipaddress (~> 0.8)
    fog-core (2.2.4)
      builder
      excon (~> 0.71)
      formatador (~> 0.2)
      mime-types
    fog-json (1.2.0)
      fog-core
      multi_json (~> 1.10)
    fog-xml (0.1.4)
      fog-core
      nokogiri (>= 1.5.11, < 2.0.0)
    formatador (0.3.0)
    friendly_id (5.4.2)
      activerecord (>= 4.0.0)
    fugit (1.5.2)
      et-orbi (~> 1.1, >= 1.1.8)
      raabro (~> 1.4)
    fuubar (2.5.1)
      rspec-core (~> 3.0)
      ruby-progressbar (~> 1.4)
    git (1.9.1)
      rchardet (~> 1.8)
    globalid (0.5.2)
      activesupport (>= 5.0)
    gon (6.4.0)
      actionpack (>= 3.0.20)
      i18n (>= 0.7)
      multi_json
      request_store (>= 1.0)
    grape (1.5.3)
      activesupport
      builder
      dry-types (>= 1.1)
      mustermann-grape (~> 1.0.0)
      rack (>= 1.3.0)
      rack-accept
    grape_logging (1.8.4)
      grape
      rack
    hana (1.3.7)
    hashdiff (1.0.1)
    hashie (3.6.0)
    html-pipeline (2.14.0)
      activesupport (>= 2)
      nokogiri (>= 1.4)
    htmldiff (0.0.1)
    http-accept (1.7.0)
    http-cookie (1.0.4)
      domain_name (~> 0.5)
    http_parser.rb (0.6.0)
    i18n (1.8.10)
      concurrent-ruby (~> 1.0)
    i18n-js (3.9.0)
      i18n (>= 0.6.6)
    interception (0.5)
    ipaddress (0.8.3)
    iso8601 (0.13.0)
    jmespath (1.6.1)
    json (2.5.1)
    json_schemer (0.2.18)
      ecma-re-validator (~> 0.3)
      hana (~> 1.3)
      regexp_parser (~> 2.0)
      uri_template (~> 0.7)
    json_spec (1.1.5)
      multi_json (~> 1.0)
      rspec (>= 2.0, < 4.0)
    kramdown (2.3.1)
      rexml
    kramdown-parser-gfm (1.1.0)
      kramdown (~> 2.0)
    launchy (2.5.0)
      addressable (~> 2.7)
    letter_opener (1.7.0)
      launchy (~> 2.2)
    listen (3.7.0)
      rb-fsevent (~> 0.10, >= 0.10.3)
      rb-inotify (~> 0.9, >= 0.9.10)
    livingstyleguide (2.1.0)
      minisyntax (>= 0.2.5)
      redcarpet
      sassc
      thor
      tilt
    lograge (0.11.2)
      actionpack (>= 4)
      activesupport (>= 4)
      railties (>= 4)
      request_store (~> 1.0)
    loofah (2.12.0)
      crass (~> 1.0.2)
      nokogiri (>= 1.5.9)
    mail (2.7.1)
      mini_mime (>= 0.1.1)
    marcel (1.0.2)
    meta-tags (2.15.0)
      actionpack (>= 3.2.0, < 6.2)
    method_source (1.0.0)
    mime-types (3.3.1)
      mime-types-data (~> 3.2015)
    mime-types-data (3.2021.0901)
    mini_magick (4.11.0)
    mini_mime (1.1.1)
    mini_portile2 (2.6.1)
    minisyntax (0.2.5)
    minitest (5.14.4)
    mixlib-shellout (2.1.0)
    msgpack (1.4.2)
    multi_json (1.15.0)
    multipart-post (2.1.1)
    mustermann (1.1.1)
      ruby2_keywords (~> 0.0.1)
    mustermann-grape (1.0.1)
      mustermann (>= 1.0.0)
    nap (1.1.0)
    net-ldap (0.17.0)
    netrc (0.11.0)
    nio4r (2.5.8)
    no_proxy_fix (0.1.2)
    nokogiri (1.12.5)
      mini_portile2 (~> 2.6.1)
      racc (~> 1.4)
    octokit (4.21.0)
      faraday (>= 0.9)
      sawyer (~> 0.8.0, >= 0.5.3)
    oj (3.13.8)
    okcomputer (1.18.4)
    open4 (1.3.4)
    openproject-token (2.2.0)
      activemodel
    parallel (1.21.0)
    parallel_tests (3.7.3)
      parallel
    parser (3.0.2.0)
      ast (~> 2.4.1)
    pdf-core (0.9.0)
    pg (1.2.3)
    plaintext (0.3.4)
      activesupport (> 2.2.1)
      nokogiri (~> 1.10, >= 1.10.4)
      rubyzip (>= 1.2.0)
    posix-spawn (0.3.15)
    prawn (2.4.0)
      pdf-core (~> 0.9.0)
      ttfunk (~> 1.7)
    prawn-markup (0.3.2)
      nokogiri
      prawn
      prawn-table
    prawn-table (0.2.2)
      prawn (>= 1.3.0, < 3.0.0)
    pry (0.13.1)
      coderay (~> 1.1)
      method_source (~> 1.0)
    pry-byebug (3.9.0)
      byebug (~> 11.0)
      pry (~> 0.13.0)
    pry-rails (0.3.9)
      pry (>= 0.10.4)
    pry-rescue (1.5.2)
      interception (>= 0.5)
      pry (>= 0.12.0)
    pry-stack_explorer (0.6.1)
      binding_of_caller (~> 1.0)
      pry (~> 0.13)
    public_suffix (4.0.6)
    puffing-billy (2.4.1)
      addressable (~> 2.5)
      em-http-request (~> 1.1, >= 1.1.0)
      em-synchrony
      eventmachine (~> 1.2)
      eventmachine_httpserver
      http_parser.rb (~> 0.6.0)
      multi_json
    puma (5.5.0)
      nio4r (~> 2.0)
    puma-plugin-statsd (2.0.0)
      puma (>= 5.0, < 6)
    raabro (1.4.0)
    racc (1.5.2)
    rack (2.2.3)
    rack-accept (0.4.5)
      rack (>= 0.4)
    rack-attack (6.5.0)
      rack (>= 1.0, < 3)
    rack-cors (1.1.1)
      rack (>= 2.0.0)
    rack-mini-profiler (2.3.3)
      rack (>= 1.2.0)
    rack-protection (2.1.0)
      rack
    rack-test (1.1.0)
      rack (>= 1.0, < 3)
    rack-timeout (0.6.0)
    rack_session_access (0.2.0)
      builder (>= 2.0.0)
      rack (>= 1.0.0)
    rails (6.1.4.1)
      actioncable (= 6.1.4.1)
      actionmailbox (= 6.1.4.1)
      actionmailer (= 6.1.4.1)
      actionpack (= 6.1.4.1)
      actiontext (= 6.1.4.1)
      actionview (= 6.1.4.1)
      activejob (= 6.1.4.1)
      activemodel (= 6.1.4.1)
      activerecord (= 6.1.4.1)
      activestorage (= 6.1.4.1)
      activesupport (= 6.1.4.1)
      bundler (>= 1.15.0)
      railties (= 6.1.4.1)
      sprockets-rails (>= 2.0.0)
    rails-controller-testing (1.0.5)
      actionpack (>= 5.0.1.rc1)
      actionview (>= 5.0.1.rc1)
      activesupport (>= 5.0.1.rc1)
    rails-dom-testing (2.0.3)
      activesupport (>= 4.2.0)
      nokogiri (>= 1.6)
    rails-html-sanitizer (1.4.2)
      loofah (~> 2.3)
    rails-i18n (6.0.0)
      i18n (>= 0.7, < 2)
      railties (>= 6.0.0, < 7)
    railties (6.1.4.1)
      actionpack (= 6.1.4.1)
      activesupport (= 6.1.4.1)
      method_source
      rake (>= 0.13)
      thor (~> 1.0)
    rainbow (3.0.0)
    rake (13.0.6)
    rb-fsevent (0.11.0)
    rb-inotify (0.10.1)
      ffi (~> 1.0)
    rbtree3 (0.6.0)
    rchardet (1.8.0)
    rdoc (6.3.2)
    redcarpet (3.5.1)
    regexp_parser (2.1.1)
    representable (3.0.4)
      declarative (< 0.1.0)
      declarative-option (< 0.2.0)
      uber (< 0.2.0)
    request_store (1.5.0)
      rack (>= 1.4)
    responders (3.0.1)
      actionpack (>= 5.0)
      railties (>= 5.0)
    rest-client (2.1.0)
      http-accept (>= 1.7.0, < 2.0)
      http-cookie (>= 1.0.2, < 2.0)
      mime-types (>= 1.16, < 4.0)
      netrc (~> 0.8)
    retriable (3.1.2)
    rexml (3.2.5)
    rinku (2.0.6)
    roar (1.1.0)
      representable (~> 3.0.0)
    rouge (3.26.1)
    rspec (3.10.0)
      rspec-core (~> 3.10.0)
      rspec-expectations (~> 3.10.0)
      rspec-mocks (~> 3.10.0)
    rspec-core (3.10.1)
      rspec-support (~> 3.10.0)
    rspec-expectations (3.10.1)
      diff-lcs (>= 1.2.0, < 2.0)
      rspec-support (~> 3.10.0)
    rspec-mocks (3.10.2)
      diff-lcs (>= 1.2.0, < 2.0)
      rspec-support (~> 3.10.0)
    rspec-rails (5.0.2)
      actionpack (>= 5.2)
      activesupport (>= 5.2)
      railties (>= 5.2)
      rspec-core (~> 3.10)
      rspec-expectations (~> 3.10)
      rspec-mocks (~> 3.10)
      rspec-support (~> 3.10)
    rspec-retry (0.6.2)
      rspec-core (> 3.3)
    rspec-support (3.10.2)
    rubocop (1.22.1)
      parallel (~> 1.10)
      parser (>= 3.0.0.0)
      rainbow (>= 2.2.2, < 4.0)
      regexp_parser (>= 1.8, < 3.0)
      rexml
      rubocop-ast (>= 1.12.0, < 2.0)
      ruby-progressbar (~> 1.7)
      unicode-display_width (>= 1.4.0, < 3.0)
    rubocop-ast (1.12.0)
      parser (>= 3.0.1.1)
    rubocop-rails (2.12.2)
      activesupport (>= 4.2.0)
      rack (>= 1.1)
      rubocop (>= 1.7.0, < 2.0)
    rubocop-rspec (2.5.0)
      rubocop (~> 1.19)
    ruby-duration (3.2.3)
      activesupport (>= 3.0.0)
      i18n
      iso8601
    ruby-prof (1.4.3)
    ruby-progressbar (1.11.0)
    ruby2_keywords (0.0.5)
    rubytree (1.0.0)
      json (~> 2.1)
      structured_warnings (~> 0.3)
    rubyzip (2.3.2)
    sanitize (6.0.0)
      crass (~> 1.0.2)
      nokogiri (>= 1.12.0)
    sassc (2.4.0)
      ffi (~> 1.9)
    sassc-rails (2.1.2)
      railties (>= 4.0.0)
      sassc (>= 2.0)
      sprockets (> 3.0)
      sprockets-rails
      tilt
    sawyer (0.8.2)
      addressable (>= 2.3.5)
      faraday (> 0.8, < 2.0)
    secure_headers (6.3.3)
    selenium-webdriver (3.142.7)
      childprocess (>= 0.5, < 4.0)
      rubyzip (>= 1.2.2)
    semantic (1.6.1)
    sentry-delayed_job (4.7.3)
      delayed_job (>= 4.0)
      sentry-ruby-core (~> 4.7.0)
    sentry-rails (4.7.3)
      railties (>= 5.0)
      sentry-ruby-core (~> 4.7.0)
    sentry-ruby (4.7.3)
      concurrent-ruby (~> 1.0, >= 1.0.2)
      faraday (>= 1.0)
      sentry-ruby-core (= 4.7.3)
    sentry-ruby-core (4.7.3)
      concurrent-ruby
      faraday
    shoulda-context (2.0.0)
    shoulda-matchers (5.0.0)
      activesupport (>= 5.2.0)
    spring (3.0.0)
    spring-commands-rspec (1.0.4)
      spring (>= 0.9.1)
    sprockets (3.7.2)
      concurrent-ruby (~> 1.0)
      rack (> 1, < 3)
    sprockets-rails (3.2.2)
      actionpack (>= 4.0)
      activesupport (>= 4.0)
      sprockets (>= 3.0.0)
    ssrf_filter (1.0.7)
    stackprof (0.2.17)
    stringex (2.8.5)
    structured_warnings (0.4.0)
    svg-graph (2.2.1)
    sys-filesystem (1.4.2)
      ffi (~> 1.1)
    table_print (1.5.7)
    temple (0.8.2)
    terminal-table (3.0.2)
      unicode-display_width (>= 1.1.1, < 3)
    test-prof (1.0.7)
    thor (1.1.0)
    tilt (2.0.10)
    timecop (0.9.4)
    ttfunk (1.7.0)
    typed_dag (2.0.2)
      rails (>= 5.0.4)
    tzinfo (2.0.4)
      concurrent-ruby (~> 1.0)
    tzinfo-data (1.2021.3)
      tzinfo (>= 1.0.0)
    uber (0.1.0)
    unf (0.1.4)
      unf_ext
    unf_ext (0.0.8)
    unicode-display_width (2.1.0)
    uri_template (0.7.0)
    warden (1.2.9)
      rack (>= 2.0.9)
    warden-basic_auth (0.2.1)
      warden (~> 1.2)
    webdrivers (4.6.1)
      nokogiri (~> 1.6)
      rubyzip (>= 1.3.0)
      selenium-webdriver (>= 3.0, < 4.0)
    webmock (3.14.0)
      addressable (>= 2.8.0)
      crack (>= 0.3.2)
      hashdiff (>= 0.4.0, < 2.0.0)
    websocket-driver (0.7.5)
      websocket-extensions (>= 0.1.0)
    websocket-extensions (0.1.5)
    will_paginate (3.3.1)
    with_advisory_lock (4.6.0)
      activerecord (>= 4.2)
    xpath (3.2.0)
      nokogiri (~> 1.8)
    zeitwerk (2.4.2)

PLATFORMS
  ruby

DEPENDENCIES
  actionpack-xml_parser (~> 2.0.0)
  activemodel-serializers-xml (~> 1.0.1)
  activerecord-import (~> 1.2.0)
  activerecord-nulldb-adapter (~> 0.7.0)
  activerecord-session_store (~> 2.0.0)
  acts_as_list (~> 1.0.1)
  acts_as_tree (~> 2.9.0)
  addressable (~> 2.8.0)
  airbrake (~> 12.0.0)
  auto_strip_attributes (~> 2.5)
  awesome_nested_set (~> 3.4.0)
  aws-sdk-core (~> 3.121, >= 3.121.1)
  aws-sdk-s3 (~> 1.103, >= 1.103.0)
  bcrypt (~> 3.1.6)
  bootsnap (~> 1.9.1)
  brakeman (~> 5.1.0)
  browser (~> 5.3.0)
  capybara (~> 3.35.0)
  capybara-screenshot (~> 1.0.17)
  carrierwave (~> 1.3.1)
  carrierwave_direct (~> 2.1.0)
  cells-erb (~> 0.1.0)
  cells-rails (~> 0.0.9)
  commonmarker (~> 0.23.0)
  compare-xml (~> 0.66)
  daemons
  dalli (~> 2.7.10)
  danger-brakeman
  database_cleaner (~> 2.0)
  date_validator (~> 0.12.0)
  deckar01-task_list (~> 2.3.1)
  delayed_cron_job (~> 0.8.0)
  delayed_job_active_record (~> 4.1.5)
  disposable (~> 0.4.7)
  doorkeeper (~> 5.5.0)
  email_validator (~> 2.2.3)
  equivalent-xml (~> 0.6)
  escape_utils (~> 1.0)
  factory_bot (~> 6.2.0)
  factory_bot_rails (~> 6.2.0)
  faker
  flamegraph
  fog-aws
  friendly_id (~> 5.4.0)
  fuubar (~> 2.5.0)
  gon (~> 6.4.0)
  grape (~> 1.5.0)
  grape_logging (~> 1.8.4)
  html-pipeline (~> 2.14.0)
  htmldiff
  i18n-js (~> 3.9.0)
  json_schemer (~> 0.2.18)
  json_spec (~> 1.1.4)
  launchy (~> 2.5.0)
  letter_opener
  listen (~> 3.7.0)
  livingstyleguide (~> 2.1.0)
  lograge (~> 0.11.0)
  meta-tags (~> 2.15.0)
  mini_magick (~> 4.11.0)
  multi_json (~> 1.15.0)
  net-ldap (~> 0.17.0)
  nokogiri (~> 1.12.5)
  oj (~> 3.13.0)
  okcomputer (~> 1.18.1)
  omniauth!
  openproject-token (~> 2.2.0)
  openproject-translations!
  parallel_tests (~> 3.1)
  pg (~> 1.2.2)
  plaintext (~> 0.3.2)
  posix-spawn (~> 0.3.13)
  prawn (~> 2.2)
  prawn-markup (~> 0.3.0)
  pry-byebug (~> 3.9.0)
  pry-rails (~> 0.3.6)
  pry-rescue (~> 1.5.2)
  pry-stack_explorer (~> 0.6.0)
  puffing-billy (~> 2.4.0)
  puma (~> 5.5)
  puma-plugin-statsd (~> 2.0)
  rack-attack (~> 6.5.0)
  rack-cors (~> 1.1.1)
  rack-mini-profiler
  rack-protection (~> 2.1.0)
  rack-test (~> 1.1.0)
  rack-timeout (~> 0.6.0)
  rack_session_access
  rails (~> 6.1.3)
  rails-controller-testing (~> 1.0.2)
  rails-i18n (~> 6.0.0)
  rdoc (>= 2.4.2)
  request_store (~> 1.5.0)
  responders (~> 3.0)
  rest-client (~> 2.0)
  retriable (~> 3.1.1)
  rinku (~> 2.0.4)
  roar (~> 1.1.0)
  rouge (~> 3.26.0)
  rspec (~> 3.10.0)
  rspec-rails (~> 5.0.0)
  rspec-retry (~> 0.6.1)
  rubocop
  rubocop-rails
  rubocop-rspec
  ruby-duration (~> 3.2.0)
  ruby-prof
  ruby-progressbar (~> 1.11.0)
  rubytree (~> 1.0.0)
  sanitize (~> 6.0.0)
  sassc-rails
  secure_headers (~> 6.3.0)
  selenium-webdriver (~> 3.14)
  semantic (~> 1.6.1)
  sentry-delayed_job (~> 4.7.0)
  sentry-rails (~> 4.7.0)
  sentry-ruby (~> 4.7.0)
  shoulda-context (~> 2.0)
  shoulda-matchers (~> 5.0)
  spring
  spring-commands-rspec
  sprockets (~> 3.7.0)
  stackprof
  stringex (~> 2.8.5)
  structured_warnings (~> 0.4.0)
  svg-graph (~> 2.2.0)
  sys-filesystem (~> 1.4.0)
  table_print (~> 1.5.6)
  test-prof (~> 1.0.0)
  timecop (~> 0.9.0)
  typed_dag (~> 2.0.2)
  tzinfo-data (~> 1.2021.1)
  warden (~> 1.2)
  warden-basic_auth (~> 0.2.1)
  webdrivers (~> 4.6.0)
  webmock (~> 3.12)
  will_paginate (~> 3.3.0)
  with_advisory_lock (~> 4.6.0)

RUBY VERSION
   ruby 2.7.4p191

BUNDLED WITH
   2.1.4
